GEM
  remote: https://rubygems.org/
  specs:
    coderay (1.1.3)
    method_source (1.0.0)
    pg (1.2.3)
    pry (0.13.1)
      coderay (~> 1.1)
      method_source (~> 1.0)
    yaml (0.1.1)

PLATFORMS
  x86_64-linux

DEPENDENCIES
  pg
  pry (~> 0.13.1)
  yaml

BUNDLED WITH
   2.2.15
